PATH
  remote: .
  specs:
    fluent-load-generator (0.0.1)
      uuidtools (>= 2.1.3)

GEM
  remote: https://rubygems.org/
  specs:
    docile (1.1.3)
    multi_json (1.8.4)
    rake (10.1.1)
    rr (1.1.2)
    simplecov (0.8.2)
      docile (~> 1.1.0)
      multi_json
      simplecov-html (~> 0.8.0)
    simplecov-html (0.8.0)
    uuidtools (2.1.4)

PLATFORMS
  ruby

DEPENDENCIES
  fluent-load-generator!
  rake (>= 0.9.2)
  rr (>= 1.0.0)
  simplecov (>= 0.5.4)
  uuidtools
